GEM
  remote: http://rubygems.org/
  specs:
    activerecord (2.3.10)
      activesupport (= 2.3.10)
    activesupport (2.3.10)
    addressable (2.2.2)
    builder (3.0.0)
    columnize (0.3.3)
    crack (0.1.8)
    cucumber (0.10.7)
      builder (>= 2.1.2)
      diff-lcs (>= 1.1.2)
      gherkin (~> 2.4.0)
      json (>= 1.4.6)
      term-ansicolor (>= 1.0.5)
    cucumber-rails (0.3.2)
      cucumber (>= 0.8.0)
    diff-lcs (1.1.2)
    fastercsv (1.5.4)
    gherkin (2.4.1)
      json (>= 1.4.6)
    json (1.5.3)
    linecache (0.43)
    mechanize (1.0.0)
      nokogiri (>= 1.2.1)
    nokogiri (1.4.4)
    rack (1.1.2)
    rake (0.8.7)
    rdoc (3.6.1)
    rspec (1.3.0)
    rspec-rails (1.3.2)
      rack (>= 1.0.0)
      rspec (>= 1.3.0)
    ruby-debug (0.10.3)
      columnize (>= 0.1)
      ruby-debug-base (~> 0.10.3.0)
    ruby-debug-base (0.10.3)
      linecache (>= 0.3)
    ruby-ole (1.2.11.1)
    rubyzip (0.9.4)
    spreadsheet (0.6.5.4)
      ruby-ole (>= 1.0)
    sqlite3 (1.3.3)
    sqlite3-ruby (1.3.3)
      sqlite3 (>= 1.3.3)
    term-ansicolor (1.0.5)
    webmock (1.6.2)
      addressable (>= 2.2.2)
      crack (>= 0.1.7)

PLATFORMS
  ruby

DEPENDENCIES
  activerecord (= 2.3.10)
  cucumber (= 0.10.7)
  cucumber-rails (= 0.3.2)
  fastercsv (= 1.5.4)
  gherkin (= 2.4.1)
  linecache (= 0.43)
  mechanize (= 1.0.0)
  rake (= 0.8.7)
  rdoc (= 3.6.1)
  rspec (= 1.3.0)
  rspec-rails (= 1.3.2)
  ruby-debug (= 0.10.3)
  rubyzip (= 0.9.4)
  spreadsheet (= 0.6.5.4)
  sqlite3-ruby (= 1.3.3)
  webmock (= 1.6.2)
